PATH
  remote: .
  specs:
    smart_routing (1.1.3)

GEM
  remote: https://rubygems.org/
  specs:
    addressable (2.8.6)
      public_suffix (>= 2.0.2, < 6.0)
    bigdecimal (3.1.6)
    byebug (10.0.2)
    crack (1.0.0)
      bigdecimal
      rexml
    diff-lcs (1.3)
    faraday (0.15.3)
      multipart-post (>= 1.2, < 3)
    faraday_middleware (0.12.2)
      faraday (>= 0.7.4, < 1.0)
    hashdiff (1.1.0)
    multipart-post (2.0.0)
    public_suffix (5.0.4)
    rake (13.0.1)
    rexml (3.2.6)
    rspec (3.8.0)
      rspec-core (~> 3.8.0)
      rspec-expectations (~> 3.8.0)
      rspec-mocks (~> 3.8.0)
    rspec-core (3.8.0)
      rspec-support (~> 3.8.0)
    rspec-expectations (3.8.2)
      diff-lcs (>= 1.2.0, < 2.0)
      rspec-support (~> 3.8.0)
    rspec-mocks (3.8.0)
      diff-lcs (>= 1.2.0, < 2.0)
      rspec-support (~> 3.8.0)
    rspec-support (3.8.0)
    webmock (3.23.0)
      addressable (>= 2.8.0)
      crack (>= 0.3.2)
      hashdiff (>= 0.4.0, < 2.0.0)

PLATFORMS
  ruby

DEPENDENCIES
  bundler (~> 2.1)
  byebug
  faraday (~> 0.15.3)
  faraday_middleware (~> 0.12.2)
  rake (~> 13.0)
  rspec (~> 3.0)
  smart_routing!
  webmock (~> 3.23.0)

BUNDLED WITH
   2.4.22
